GEM
  remote: https://rubygems.org/
  specs:
    rack (1.4.1)
    rack-legacy (0.3.1)
      rack
    rack-protection (1.2.0)
      rack
    rack-rewrite (1.2.1)
    sinatra (1.3.2)
      rack (~> 1.3, >= 1.3.6)
      rack-protection (~> 1.2)
      tilt (~> 1.3, >= 1.3.3)
    tilt (1.3.3)

PLATFORMS
  ruby

DEPENDENCIES
  rack-legacy
  rack-rewrite
  sinatra
